GEM
  specs:
    haml (3.1.4)
    hashie (1.2.0)
    json (1.6.5)
    multi_json (1.0.4)
    oauth (0.4.5)
    rack (1.4.1)
    rack-protection (1.2.0)
      rack
    read_it_later (0.2.4)
      json
    readit (0.0.7)
      hashie
      multi_json
      oauth
    sinatra (1.3.2)
      rack (~> 1.3, >= 1.3.6)
      rack-protection (~> 1.2)
      tilt (~> 1.3, >= 1.3.3)
    tilt (1.3.3)

PLATFORMS
  ruby

DEPENDENCIES
  haml
  json
  oauth
  read_it_later
  readit
  sinatra
